PATH
  remote: .
  specs:
    msfrpc-client (1.1.1)
      msgpack (~> 1)

GEM
  remote: https://rubygems.org/
  specs:
    diff-lcs (1.5.0)
    msgpack (1.7.2)
    rspec (3.12.0)
      rspec-core (~> 3.12.0)
      rspec-expectations (~> 3.12.0)
      rspec-mocks (~> 3.12.0)
    rspec-core (3.12.2)
      rspec-support (~> 3.12.0)
    rspec-expectations (3.12.3)
      diff-lcs (>= 1.2.0, < 2.0)
      rspec-support (~> 3.12.0)
    rspec-mocks (3.12.6)
      diff-lcs (>= 1.2.0, < 2.0)
      rspec-support (~> 3.12.0)
    rspec-support (3.12.1)

PLATFORMS
  ruby

DEPENDENCIES
  msfrpc-client!
  rspec (~> 3)

BUNDLED WITH
   2.3.26
